GEM
  remote: https://rubygems.org/
  specs:
    aws-sdk (1.47.0)
      json (~> 1.4)
      nokogiri (>= 1.4.4)
    faker (1.4.1)
      i18n (~> 0.5)
    i18n (0.6.11)
    json (1.8.1)
    mini_portile (0.6.0)
    nokogiri (1.6.2.1)
      mini_portile (= 0.6.0)

PLATFORMS
  ruby

DEPENDENCIES
  aws-sdk
  faker
